GEM
  remote: https://rubygems.org/
  specs:
    docile (1.3.0)
    json (2.1.0)
    minitest (5.11.3)
    mustermann (1.0.2)
    power_assert (1.1.1)
    rack (2.0.4)
    rack-protection (2.0.1)
      rack
    rake (12.3.1)
    simplecov (0.16.1)
      docile (~> 1.1)
      json (>= 1.8, < 3)
      simplecov-html (~> 0.10.0)
    simplecov-html (0.10.2)
    sinatra (2.0.1)
      mustermann (~> 1.0)
      rack (~> 2.0)
      rack-protection (= 2.0.1)
      tilt (~> 2.0)
    test-unit (3.2.7)
      power_assert
    tilt (2.0.8)

PLATFORMS
  ruby

DEPENDENCIES
  minitest
  rake
  simplecov
  sinatra
  test-unit

BUNDLED WITH
   1.16.1
